GEM
  remote: https://rubygems.org/
  specs:
    concurrent-ruby (1.1.7)
    ffi (1.13.1-x64-mingw32)
    hidapi (0.1.9)
      i18n
      libusb (~> 0.5.1)
    i18n (1.8.5)
      concurrent-ruby (~> 1.0)
    libusb (0.5.1-x64-mingw32)
      ffi (>= 1.0)

PLATFORMS
  x64-mingw32

DEPENDENCIES
  hidapi (>= 0.1.9)

BUNDLED WITH
   2.1.4
